GEM
  remote: https://rubygems.org/
  specs:
    minitest (5.15.0)
    ruby2d (0.11.3)

PLATFORMS
  x86_64-darwin-21

DEPENDENCIES
  minitest (~> 5.8)
  ruby2d (~> 0.11.1)

BUNDLED WITH
   2.3.11
