GEM
  remote: https://rubygems.org/
  specs:
    concurrent-ruby (1.1.10)
    faker (2.21.0)
      i18n (>= 1.8.11, < 2)
    i18n (1.10.0)
      concurrent-ruby (~> 1.0)
    ruby2d (0.11.3)

PLATFORMS
  x86_64-darwin-21

DEPENDENCIES
  faker (~> 2.21)
  ruby2d (~> 0.11.1)

BUNDLED WITH
   2.3.11
